PATH
  remote: vendor/gems/oclc-auth-0.1.1
  specs:
    oclc-auth (0.1.1)
      json (~> 1.8, >= 1.8.1)
      rest-client (~> 1.6, >= 1.6.7)

GEM
  remote: https://rubygems.org/
  specs:
    addressable (2.3.6)
    crack (0.4.2)
      safe_yaml (~> 1.0.0)
    diff-lcs (1.2.5)
    ensure_valid_encoding (0.5.3)
    haml (4.0.5)
      tilt
    json (1.8.1)
    marc (0.8.1)
      ensure_valid_encoding
      unf
    mime-types (2.3)
    mini_portile (0.6.0)
    netrc (0.7.7)
    nokogiri (1.6.3.1)
      mini_portile (= 0.6.0)
    rack (1.5.2)
    rack-protection (1.5.3)
      rack
    rack-test (0.6.2)
      rack (>= 1.0)
    rest-client (1.7.2)
      mime-types (>= 1.16, < 3.0)
      netrc (~> 0.7)
    rest_client (1.7.3)
      netrc (~> 0.7.7)
    rspec (3.0.0)
      rspec-core (~> 3.0.0)
      rspec-expectations (~> 3.0.0)
      rspec-mocks (~> 3.0.0)
    rspec-core (3.0.4)
      rspec-support (~> 3.0.0)
    rspec-expectations (3.0.4)
      diff-lcs (>= 1.2.0, < 2.0)
      rspec-support (~> 3.0.0)
    rspec-mocks (3.0.4)
      rspec-support (~> 3.0.0)
    rspec-support (3.0.4)
    safe_yaml (1.0.3)
    sinatra (1.4.5)
      rack (~> 1.4)
      rack-protection (~> 1.4)
      tilt (~> 1.3, >= 1.3.4)
    sinatra-partial (0.4.0)
      sinatra
    tilt (1.4.1)
    unf (0.1.4)
      unf_ext
    unf_ext (0.0.6)
    webmock (1.18.0)
      addressable (>= 2.3.6)
      crack (>= 0.3.2)

PLATFORMS
  ruby

DEPENDENCIES
  haml
  json
  marc
  nokogiri
  oclc-auth (= 0.1.1)!
  rack-test
  rest_client
  rspec
  sinatra
  sinatra-partial
  webmock
